GEM
  remote: https://rubygems.org/
  specs:
    em-websocket (0.5.1)
      eventmachine (>= 0.12.9)
      http_parser.rb (~> 0.6.0)
    em-websocket-client (0.1.2)
      eventmachine
      websocket
    em-websocketio-client (0.0.4)
      em-websocket-client (= 0.1.2)
      event_emitter
      eventmachine
      json
    event_emitter (0.2.5)
    eventmachine (1.0.3)
    http_parser.rb (0.6.0)
    json (1.8.1)
    websocket (1.2.1)

PLATFORMS
  ruby

DEPENDENCIES
  em-websocket
  em-websocketio-client
